GEM
  remote: http://rubygems.org/
  specs:
    addressable (2.2.8)
    ansi (1.4.3)
    bourbon (1.4.0)
      sass (>= 3.1)
    capistrano (2.12.0)
      highline
      net-scp (>= 1.0.0)
      net-sftp (>= 2.0.0)
      net-ssh (>= 2.0.14)
      net-ssh-gateway (>= 1.1.0)
    capybara (1.1.2)
      mime-types (>= 1.16)
      nokogiri (>= 1.3.3)
      rack (>= 1.0.0)
      rack-test (>= 0.5.4)
      selenium-webdriver (~> 2.0)
      xpath (~> 0.1.4)
    childprocess (0.3.5)
      ffi (~> 1.0, >= 1.0.6)
    coderay (1.0.7)
    cuba (3.0.0)
      rack
    cuba-contrib (3.0.1)
      cuba (~> 3.0)
    cuba-sugar (0.2.4)
      cuba (~> 3.0)
      json (~> 1.6.6)
      rack_csrf (~> 2.4.0)
    cutest (1.1.3)
    daemons (1.1.9)
    eventmachine (1.0.0)
    ffi (1.1.5)
    foreman (0.46.0)
      thor (>= 0.13.6)
    hashie (1.2.0)
    highline (1.6.14)
    json (1.6.7)
    launchy (2.1.0)
      addressable (~> 2.2.6)
    libwebsocket (0.1.5)
      addressable
    mailfactory (1.4.0)
      mime-types (>= 1.13.1)
    malone (1.0.0)
      mailfactory (~> 1.4)
    method_source (0.8)
    mime-types (1.19)
    minitest (2.12.1)
    minitest-matchers (1.2.0)
      minitest (>= 2.5.0)
    mote (0.2.2)
    multi_json (1.3.6)
    net-scp (1.0.4)
      net-ssh (>= 1.99.1)
    net-sftp (2.0.5)
      net-ssh (>= 2.0.9)
    net-ssh (2.5.2)
    net-ssh-gateway (1.1.0)
      net-ssh (>= 1.99.1)
    nokogiri (1.5.5)
    oauth (0.4.7)
    omniauth (1.1.0)
      hashie (~> 1.2)
      rack
    omniauth-oauth (1.0.1)
      oauth
      omniauth (~> 1.0)
    omniauth-twitter (0.0.11)
      multi_json (~> 1.3)
      omniauth-oauth (~> 1.0)
    pbkdf2 (0.1.0)
    pg (0.14.1)
    pry (0.9.10)
      coderay (~> 1.0.5)
      method_source (~> 0.8)
      slop (~> 3.3.1)
    pry-doc (0.4.4)
      pry (>= 0.9.9.6)
      yard (~> 0.8.1)
    r18n-core (0.4.14)
    rack (1.4.1)
    rack-protection (1.2.0)
      rack
    rack-test (0.6.1)
      rack (>= 1.0)
    rack_csrf (2.4.0)
      rack (>= 0.9)
    redcarpet (2.1.1)
    rubyzip (0.9.9)
    sass (3.1.16)
    selenium-webdriver (2.25.0)
      childprocess (>= 0.2.5)
      libwebsocket (~> 0.1.3)
      multi_json (~> 1.0)
      rubyzip
    sequel (3.34.1)
    shield (1.0.0)
      pbkdf2
    shotgun (0.9)
      rack (>= 1.0)
    slim (1.2.0)
      temple (~> 0.4.0)
      tilt (~> 1.3.3)
    slop (3.3.3)
    sqlite3 (1.3.6)
    temple (0.4.1)
    thin (1.3.1)
      daemons (>= 1.0.9)
      eventmachine (>= 0.12.6)
      rack (>= 1.0.0)
    thor (0.16.0)
    tilt (1.3.3)
    turn (0.9.5)
      ansi
    xpath (0.1.4)
      nokogiri (~> 1.3)
    yard (0.8.2.1)

PLATFORMS
  ruby

DEPENDENCIES
  bourbon (= 1.4.0)
  capistrano (= 2.12.0)
  capybara (= 1.1.2)
  cuba (= 3.0.0)
  cuba-contrib (= 3.0.1)
  cuba-sugar (= 0.2.4)
  cutest (= 1.1.3)
  foreman (= 0.46.0)
  launchy (= 2.1.0)
  malone (= 1.0.0)
  minitest (= 2.12.1)
  minitest-matchers (= 1.2.0)
  mote (= 0.2.2)
  omniauth (= 1.1.0)
  omniauth-twitter (= 0.0.11)
  pg (= 0.14.1)
  pry-doc (= 0.4.4)
  r18n-core (= 0.4.14)
  rack-protection (= 1.2.0)
  redcarpet (= 2.1.1)
  sass (= 3.1.16)
  sequel (= 3.34.1)
  shield (= 1.0.0)
  shotgun (= 0.9)
  slim (= 1.2.0)
  sqlite3 (= 1.3.6)
  thin (= 1.3.1)
  turn (= 0.9.5)
